GEM
  remote: https://rubygems.org/
  specs:
    activemodel (4.1.6)
      activesupport (= 4.1.6)
      builder (~> 3.1)
    activesupport (4.1.6)
      i18n (~> 0.6, >= 0.6.9)
      json (~> 1.7, >= 1.7.7)
      minitest (~> 5.1)
      thread_safe (~> 0.1)
      tzinfo (~> 1.1)
    addressable (2.3.6)
    bson (2.3.0)
    buftok (0.2.0)
    builder (3.2.2)
    coderay (1.1.0)
    connection_pool (2.0.0)
    equalizer (0.0.9)
    ethon (0.7.1)
      ffi (>= 1.3.0)
    faraday (0.9.0)
      multipart-post (>= 1.2, < 3)
    ffi (1.9.6)
    firebase (0.2.2)
      json
      typhoeus (>= 0.6.1)
    hashie (3.3.1)
    http (0.6.2)
      http_parser.rb (~> 0.6.0)
    http_parser.rb (0.6.0)
    i18n (0.6.11)
    json (1.8.1)
    koala (1.10.1)
      addressable
      faraday
      multi_json
    memoizable (0.4.2)
      thread_safe (~> 0.3, >= 0.3.1)
    method_source (0.8.2)
    minitest (5.4.2)
    mongoid (4.0.0)
      activemodel (~> 4.0)
      moped (~> 2.0.0)
      origin (~> 2.1)
      tzinfo (>= 0.3.37)
    moped (2.0.1)
      bson (~> 2.2)
      connection_pool (~> 2.0)
      optionable (~> 0.2.0)
    multi_json (1.10.1)
    multipart-post (2.0.0)
    naught (1.0.0)
    oauth (0.4.7)
    omniauth (1.2.2)
      hashie (>= 1.2, < 4)
      rack (~> 1.0)
    omniauth-oauth (1.0.1)
      oauth
      omniauth (~> 1.0)
    omniauth-twitter (1.1.0)
      multi_json (~> 1.3)
      omniauth-oauth (~> 1.0)
    optionable (0.2.0)
    origin (2.1.1)
    pry (0.10.1)
      coderay (~> 1.1.0)
      method_source (~> 0.8.1)
      slop (~> 3.4)
    rack (1.5.2)
    rack-protection (1.5.3)
      rack
    simple_oauth (0.2.0)
    sinatra (1.4.5)
      rack (~> 1.4)
      rack-protection (~> 1.4)
      tilt (~> 1.3, >= 1.3.4)
    slop (3.6.0)
    thread_safe (0.3.4)
    tilt (1.4.1)
    twitter (5.11.0)
      addressable (~> 2.3)
      buftok (~> 0.2.0)
      equalizer (~> 0.0.9)
      faraday (~> 0.9.0)
      http (~> 0.6.0)
      http_parser.rb (~> 0.6.0)
      json (~> 1.8)
      memoizable (~> 0.4.0)
      naught (~> 1.0)
      simple_oauth (~> 0.2.0)
    typhoeus (0.6.9)
      ethon (>= 0.7.1)
    tzinfo (1.2.2)
      thread_safe (~> 0.1)

PLATFORMS
  ruby

DEPENDENCIES
  firebase
  json
  koala
  mongoid
  omniauth-twitter
  pry
  sinatra
  twitter
