GEM
  remote: https://rubygems.org/
  specs:
    addressable (2.3.6)
    coderay (1.1.0)
    ethon (0.7.1)
      ffi (>= 1.3.0)
    faraday (0.9.0)
      multipart-post (>= 1.2, < 3)
    ffi (1.9.6)
    firebase (0.2.2)
      json
      typhoeus (>= 0.6.1)
    json (1.8.1)
    koala (1.10.1)
      addressable
      faraday
      multi_json
    method_source (0.8.2)
    multi_json (1.10.1)
    multipart-post (2.0.0)
    pry (0.10.1)
      coderay (~> 1.1.0)
      method_source (~> 0.8.1)
      slop (~> 3.4)
    rack (1.5.2)
    rack-protection (1.5.3)
      rack
    sinatra (1.4.5)
      rack (~> 1.4)
      rack-protection (~> 1.4)
      tilt (~> 1.3, >= 1.3.4)
    slop (3.6.0)
    tilt (1.4.1)
    typhoeus (0.6.9)
      ethon (>= 0.7.1)

PLATFORMS
  ruby

DEPENDENCIES
  firebase
  json
  koala
  pry
  sinatra
